GEM
  remote: https://rubygems.org/
  specs:
    gosu (0.13.2)

PLATFORMS
  ruby

DEPENDENCIES
  gosu (~> 0.13.2)

BUNDLED WITH
   1.16.0
